GEM
  remote: https://rubygems.org/
  specs:
    atk (2.2.0)
      glib2 (= 2.2.0)
    builder (3.2.2)
    cairo (1.12.8)
      pkg-config
    celluloid (0.15.2)
      timers (~> 1.1.0)
    celluloid-io (0.15.0)
      celluloid (>= 0.15.0)
      nio4r (>= 0.5.0)
    coderay (1.1.0)
    cucumber (1.3.13)
      builder (>= 2.1.2)
      diff-lcs (>= 1.1.3)
      gherkin (~> 2.12)
      multi_json (>= 1.7.5, < 2.0)
      multi_test (>= 0.1.1)
    diff-lcs (1.2.5)
    ffi (1.9.3)
    formatador (0.2.4)
    gdk_pixbuf2 (2.2.0)
      glib2 (= 2.2.0)
    gherkin (2.12.2)
      multi_json (~> 1.3)
    glib2 (2.2.0)
      pkg-config
    green_shoes (1.1.374)
      gtk2
    gtk2 (2.2.0)
      atk (= 2.2.0)
      gdk_pixbuf2 (= 2.2.0)
      pango (= 2.2.0)
    guard (2.5.1)
      formatador (>= 0.2.4)
      listen (~> 2.6)
      lumberjack (~> 1.0)
      pry (>= 0.9.12)
      thor (>= 0.18.1)
    guard-cucumber (1.4.1)
      cucumber (>= 1.2.0)
      guard (>= 1.1.0)
    guard-rspec (4.2.8)
      guard (~> 2.1)
      rspec (>= 2.14, < 4.0)
    listen (2.7.1)
      celluloid (>= 0.15.2)
      celluloid-io (>= 0.15.0)
      rb-fsevent (>= 0.9.3)
      rb-inotify (>= 0.9)
    lumberjack (1.0.5)
    method_source (0.8.2)
    multi_json (1.9.2)
    multi_test (0.1.1)
    nio4r (1.0.0)
    pango (2.2.0)
      cairo (>= 1.12.5)
      glib2 (= 2.2.0)
    pkg-config (1.1.5)
    pry (0.9.12.6)
      coderay (~> 1.0)
      method_source (~> 0.8)
      slop (~> 3.4)
    rb-fsevent (0.9.4)
    rb-inotify (0.9.3)
      ffi (>= 0.5.0)
    rspec (2.14.1)
      rspec-core (~> 2.14.0)
      rspec-expectations (~> 2.14.0)
      rspec-mocks (~> 2.14.0)
    rspec-core (2.14.8)
    rspec-expectations (2.14.5)
      diff-lcs (>= 1.1.3, < 2.0)
    rspec-mocks (2.14.6)
    slop (3.5.0)
    surrogate (0.7.0)
    thor (0.19.0)
    timers (1.1.0)

PLATFORMS
  ruby

DEPENDENCIES
  cucumber
  green_shoes
  guard-cucumber
  guard-rspec
  rspec
  surrogate
